GEM
  remote: http://rubygems.org/
  specs:
    json (1.6.1)
    rack (1.3.5)
    rack-protection (1.1.4)
      rack
    redis (2.2.2)
    shotgun (0.9)
      rack (>= 1.0)
    sinatra (1.3.1)
      rack (~> 1.3, >= 1.3.4)
      rack-protection (~> 1.1, >= 1.1.2)
      tilt (~> 1.3, >= 1.3.3)
    tilt (1.3.3)

PLATFORMS
  ruby

DEPENDENCIES
  json
  redis
  shotgun
  sinatra
