GEM
  remote: https://rubygems.org/
  specs:
    hiredis (0.4.5)
    json (1.7.7)
    rack (1.5.2)
    rack-protection (1.5.0)
      rack
    redis (3.0.4)
    ruby-hmac (0.4.0)
    sinatra (1.4.2)
      rack (~> 1.5, >= 1.5.2)
      rack-protection (~> 1.4)
      tilt (~> 1.3, >= 1.3.4)
    tilt (1.4.0)

PLATFORMS
  ruby

DEPENDENCIES
  hiredis
  json
  redis
  ruby-hmac
  sinatra
